PATH
  remote: .
  specs:
    sql_tools (0.2.0)
      ruby_tree_sitter (~> 1.0)
      zeitwerk

GEM
  remote: https://rubygems.org/
  specs:
    ansi (1.5.0)
    builder (3.3.0)
    debug (1.9.2)
      irb (~> 1.10)
      reline (>= 0.3.8)
    io-console (0.7.2)
    irb (1.13.2)
      rdoc (>= 4.0.0)
      reline (>= 0.4.2)
    minitest (5.24.0)
    minitest-focus (1.4.0)
      minitest (>= 4, < 6)
    minitest-reporters (1.7.1)
      ansi
      builder
      minitest (>= 5.0)
      ruby-progressbar
    psych (5.1.2)
      stringio
    rake (13.2.1)
    rdoc (6.7.0)
      psych (>= 4.0.0)
    reline (0.5.9)
      io-console (~> 0.5)
    ruby-progressbar (1.13.0)
    ruby_tree_sitter (1.3.0)
      sorbet-runtime
      zeitwerk
    sorbet-runtime (0.5.11460)
    stringio (3.1.1)
    zeitwerk (2.6.16)

PLATFORMS
  arm64-darwin-23
  ruby

DEPENDENCIES
  debug (~> 1.0)
  minitest (~> 5.0)
  minitest-focus (~> 1.3)
  minitest-reporters (~> 1.6)
  rake (~> 13.0)
  sql_tools!

BUNDLED WITH
   2.5.4
